GIT
  remote: git@github.com:robmiller/peoplehr.git
  revision: 7f7d501f3a371d4dbc4e9e4a048458cfb3805769
  specs:
    peoplehr (0.1.0)
      addressable (~> 2.3)
      faraday (~> 0.9.1)
      transproc (~> 0.3.0)
      typhoeus (~> 0.7.2)
      virtus (~> 1.0)

GEM
  remote: https://rubygems.org/
  specs:
    addressable (2.3.8)
    axiom-types (0.1.1)
      descendants_tracker (~> 0.0.4)
      ice_nine (~> 0.11.0)
      thread_safe (~> 0.3, >= 0.3.1)
    coercible (1.0.0)
      descendants_tracker (~> 0.0.1)
    descendants_tracker (0.0.4)
      thread_safe (~> 0.3, >= 0.3.1)
    equalizer (0.0.11)
    ethon (0.7.4)
      ffi (>= 1.3.0)
    faraday (0.9.1)
      multipart-post (>= 1.2, < 3)
    ffi (1.9.10)
    ice_nine (0.11.1)
    multipart-post (2.0.0)
    thread_safe (0.3.5)
    transproc (0.3.2)
    typhoeus (0.7.3)
      ethon (>= 0.7.4)
    virtus (1.0.5)
      axiom-types (~> 0.1)
      coercible (~> 1.0)
      descendants_tracker (~> 0.0, >= 0.0.3)
      equalizer (~> 0.0, >= 0.0.9)

PLATFORMS
  ruby

DEPENDENCIES
  addressable
  peoplehr!
  typhoeus

BUNDLED WITH
   1.10.6
