GEM
  remote: https://rubygems.org/
  specs:
    addressable (2.3.8)
    coderay (1.1.0)
    ethon (0.7.4)
      ffi (>= 1.3.0)
    ffi (1.9.10)
    method_source (0.8.2)
    pry (0.10.1)
      coderay (~> 1.1.0)
      method_source (~> 0.8.1)
      slop (~> 3.4)
    slop (3.6.0)
    typhoeus (0.7.3)
      ethon (>= 0.7.4)

PLATFORMS
  ruby

DEPENDENCIES
  addressable
  pry
  typhoeus

BUNDLED WITH
   1.13.2
